GEM
  remote: https://rubygems.org/
  specs:
    fakeweb (1.3.0)
    httparty (0.13.5)
      json (~> 1.8)
      multi_xml (>= 0.5.2)
    json (1.8.3)
    minitest (5.7.0)
    multi_xml (0.5.5)
    rake (10.4.2)

PLATFORMS
  ruby

DEPENDENCIES
  fakeweb
  httparty
  json
  minitest
  rake

BUNDLED WITH
   1.10.5
